GEM
  remote: https://rubygems.org/
  specs:
    json (2.1.0)
    mustermann (1.0.2)
    puma (3.11.2)
    rack (2.0.4)
    rack-protection (2.0.1)
      rack
    sequel (5.6.0)
    sinatra (2.0.1)
      mustermann (~> 1.0)
      rack (~> 2.0)
      rack-protection (= 2.0.1)
      tilt (~> 2.0)
    sinatra-sequel (0.9.0)
      sequel (>= 3.2.0)
      sinatra (>= 0.9.4)
    sqlite3 (1.3.13)
    tilt (2.0.8)

PLATFORMS
  ruby

DEPENDENCIES
  json
  puma
  sequel
  sinatra
  sinatra-sequel
  sqlite3

BUNDLED WITH
   1.16.1
